GEM
  remote: https://rubygems.org/
  specs:
    terminal-table (4.0.0)
      unicode-display_width (>= 1.1.1, < 4)
    unicode-display_width (3.2.0)
      unicode-emoji (~> 4.1)
    unicode-emoji (4.1.0)

PLATFORMS
  ruby
  x86_64-linux

DEPENDENCIES
  terminal-table

RUBY VERSION
   ruby 3.3.4p94

BUNDLED WITH
   2.7.2
