GEM
  remote: https://rubygems.org/
  specs:
    byebug (12.0.0)

PLATFORMS
  ruby
  x86_64-linux

DEPENDENCIES
  byebug

RUBY VERSION
   ruby 3.3.4p94

BUNDLED WITH
   2.7.2
